GEM
  remote: http://rubygems.org/
  specs:
    activesupport (3.0.3)
    daemons (1.1.3)
    diff-lcs (1.1.2)
    eventmachine (0.12.10)
    i18n (0.5.0)
    nokogiri (1.4.4)
    rack (1.2.2)
    rspec (2.4.0)
      rspec-core (~> 2.4.0)
      rspec-expectations (~> 2.4.0)
      rspec-mocks (~> 2.4.0)
    rspec-core (2.4.0)
    rspec-expectations (2.4.0)
      diff-lcs (~> 1.1.2)
    rspec-mocks (2.4.0)
    thin (1.2.11)
      daemons (>= 1.0.9)
      eventmachine (>= 0.12.6)
      rack (>= 1.0.0)
    timecop (0.3.5)

PLATFORMS
  ruby

DEPENDENCIES
  activesupport
  i18n
  nokogiri
  rspec
  thin
  timecop
